GEM
  remote: https://rubygems.org/
  specs:
    concurrent-ruby (1.3.4)
    faker (3.5.1)
      i18n (>= 1.8.11, < 2)
    i18n (1.14.6)
      concurrent-ruby (~> 1.0)

PLATFORMS
  aarch64-linux

DEPENDENCIES
  faker

BUNDLED WITH
   2.5.23
